GEM
  remote: http://rubygems.org/
  specs:
    aruba (0.2.7)
      background_process
      cucumber (~> 0.10.0)
    background_process (1.3)
    builder (3.2.2)
    capybara (1.1.4)
      mime-types (>= 1.16)
      nokogiri (>= 1.3.3)
      rack (>= 1.0.0)
      rack-test (>= 0.5.4)
      selenium-webdriver (~> 2.0)
      xpath (~> 0.1.4)
    childprocess (0.3.9)
      ffi (~> 1.0, >= 1.0.11)
    chronic_duration (0.9.2)
    cucumber (0.10.7)
      builder (>= 2.1.2)
      diff-lcs (>= 1.1.2)
      gherkin (~> 2.4.0)
      json (>= 1.4.6)
      term-ansicolor (>= 1.0.5)
    cucumber-rails (0.3.2)
      cucumber (>= 0.8.0)
    daemons (1.1.9)
    diff-lcs (1.2.4)
    eventmachine (1.0.3)
    ffi (1.9.0)
    gherkin (2.4.21)
      json (>= 1.4.6)
    json (1.8.0)
    mime-types (1.24)
    multi_json (1.7.9)
    mustache (0.11.2)
    nokogiri (1.3.3)
    rack (1.5.2)
    rack-test (0.5.6)
      rack (>= 1.0)
    rdiscount (1.6.5)
    rspec (1.3.0)
    rubyzip (0.9.4)
    selenium-webdriver (2.35.0)
      childprocess (>= 0.2.5)
      multi_json (~> 1.0)
      rubyzip
      websocket (~> 1.0.4)
    sinatra (1.0)
      rack (>= 1.0)
    term-ansicolor (1.2.2)
      tins (~> 0.8)
    thin (1.2.7)
      daemons (>= 1.0.9)
      eventmachine (>= 0.12.6)
      rack (>= 1.0.0)
    tins (0.9.0)
    trollop (1.16.2)
    websocket (1.0.7)
    xpath (0.1.4)
      nokogiri (~> 1.3)

PLATFORMS
  ruby

DEPENDENCIES
  aruba (~> 0.2)
  capybara (~> 1.0)
  chronic_duration (= 0.9.2)
  cucumber (~> 0.9)
  cucumber-rails
  gherkin (~> 2.3)
  json
  mustache (= 0.11.2)
  nokogiri (= 1.3.3)
  rack-test (= 0.5.6)
  rdiscount (= 1.6.5)
  rspec (= 1.3.0)
  rubyzip (= 0.9.4)
  sinatra (= 1.0)
  thin (= 1.2.7)
  trollop (= 1.16.2)
